GIT
  remote: https://github.com/pickle27/omniauth-quickbooks.git
  revision: 0590823458b0ac0a24c80added01eb266b782831
  specs:
    omniauth-quickbooks (0.0.1)
      omniauth-oauth (~> 1.0)

PATH
  remote: .
  specs:
    quickbooks-sinatra-app (0.0.3)
      multi_json
      omniauth-oauth
      omniauth-quickbooks
      rack-flash3
      sinatra

GEM
  remote: https://rubygems.org/
  specs:
    hashie (3.3.2)
    multi_json (1.10.1)
    oauth (0.4.7)
    omniauth (1.2.2)
      hashie (>= 1.2, < 4)
      rack (~> 1.0)
    omniauth-oauth (1.0.1)
      oauth
      omniauth (~> 1.0)
    rack (1.6.0)
    rack-flash3 (1.0.5)
      rack
    rack-protection (1.5.3)
      rack
    sinatra (1.4.5)
      rack (~> 1.4)
      rack-protection (~> 1.4)
      tilt (~> 1.3, >= 1.3.4)
    tilt (1.4.1)

PLATFORMS
  ruby

DEPENDENCIES
  omniauth-quickbooks!
  quickbooks-sinatra-app!
