PATH
  remote: .
  specs:
    quickbooks-sinatra-app (0.0.4)
      multi_json
      omniauth-oauth
      omniauth-quickbooks (~> 0.0.2)
      rack-flash3
      sinatra

GEM
  remote: https://rubygems.org/
  specs:
    hashie (3.5.7)
    multi_json (1.13.1)
    mustermann (1.0.2)
    oauth (0.5.4)
    omniauth (1.8.1)
      hashie (>= 3.4.6, < 3.6.0)
      rack (>= 1.6.2, < 3)
    omniauth-oauth (1.1.0)
      oauth
      omniauth (~> 1.0)
    omniauth-quickbooks (0.0.2)
      omniauth-oauth (~> 1.0)
    rack (2.0.6)
    rack-flash3 (1.0.5)
      rack
    rack-protection (2.0.1)
      rack
    sinatra (2.0.1)
      mustermann (~> 1.0)
      rack (~> 2.0)
      rack-protection (= 2.0.1)
      tilt (~> 2.0)
    tilt (2.0.8)

PLATFORMS
  ruby

DEPENDENCIES
  quickbooks-sinatra-app!

BUNDLED WITH
   1.17.1
